GEM
  remote: https://rubygems.org/
  specs:
    bitfinex-rb (0.0.11)
      eventmachine (~> 1.0, >= 1.0.9.1)
      faraday (~> 0.9.2, >= 0.9.2)
      faraday-detailed_logger (~> 1.0.0, >= 1.0.0)
      faraday_middleware (~> 0.10, >= 0.10.0)
      faye-websocket (~> 0.10.3)
      json (~> 1.8.3, >= 1.8.3)
    dotenv (2.2.1)
    eventmachine (1.2.3)
    faraday (0.9.2)
      multipart-post (>= 1.2, < 3)
    faraday-detailed_logger (1.0.0)
      faraday
    faraday_middleware (0.11.0.1)
      faraday (>= 0.7.4, < 1.0)
    faye-websocket (0.10.7)
      eventmachine (>= 0.12.0)
      websocket-driver (>= 0.5.1)
    json (1.8.6)
    multipart-post (2.0.0)
    websocket-driver (0.6.5)
      websocket-extensions (>= 0.1.0)
    websocket-extensions (0.1.2)

PLATFORMS
  ruby

DEPENDENCIES
  bitfinex-rb
  dotenv

BUNDLED WITH
   1.11.2
