GEM
  remote: https://rubygems.org/
  specs:
    bitfinex-rb (1.0.2)
      dotenv (~> 2.5.0, >= 2.5.0)
      emittr (~> 0.1.0, >= 0.1.0)
      eventmachine (~> 1.2.7, >= 1.2.7)
      faraday (~> 0.15.3, >= 0.15.3)
      faraday-detailed_logger (~> 2.1.2, >= 2.1.2)
      faraday_adapter_socks (~> 0.1.1, >= 0.1.1)
      faraday_middleware (~> 0.12.2, >= 0.12.2)
      faye-websocket (~> 0.10.7)
      json (~> 2.1.0, >= 2.1.0)
      zlib (~> 1.0.0, >= 1.0.0)
    dotenv (2.5.0)
    emittr (0.1.0)
    eventmachine (1.2.7)
    faraday (0.15.4)
      multipart-post (>= 1.2, < 3)
    faraday-detailed_logger (2.1.2)
      faraday (~> 0.8)
    faraday_adapter_socks (0.1.1)
      faraday (~> 0.9)
      socksify (~> 1.7)
    faraday_middleware (0.12.2)
      faraday (>= 0.7.4, < 1.0)
    faye-websocket (0.10.7)
      eventmachine (>= 0.12.0)
      websocket-driver (>= 0.5.1)
    json (2.1.0)
    multipart-post (2.0.0)
    socksify (1.7.1)
    websocket-driver (0.7.0)
      websocket-extensions (>= 0.1.0)
    websocket-extensions (0.1.3)
    zlib (1.0.0)

PLATFORMS
  ruby

DEPENDENCIES
  bitfinex-rb
  dotenv

BUNDLED WITH
   1.11.2
